PATH
  remote: .
  specs:
    heroku-log-parser (0.4.0)

GEM
  remote: https://rubygems.org/
  specs:
    rake (13.2.1)

PLATFORMS
  ruby

DEPENDENCIES
  heroku-log-parser!
  rake

BUNDLED WITH
   2.5.11
